GEM
  remote: https://rubygems.org/
  specs:
    date (3.3.3)
    mini_portile2 (2.8.1)
    nokogiri (1.14.2)
      mini_portile2 (~> 2.8.0)
      racc (~> 1.4)
    nokogiri (1.14.2-arm64-darwin)
      racc (~> 1.4)
    nokogiri (1.14.2-x86_64-darwin)
      racc (~> 1.4)
    nokogiri (1.14.2-x86_64-linux)
      racc (~> 1.4)
    open-uri (0.3.0)
      stringio
      time
      uri
    racc (1.6.2)
    stringio (3.0.5)
    time (0.2.1)
      date
    uri (0.12.1)

PLATFORMS
  arm64-darwin-22
  ruby
  x86_64-darwin-20
  x86_64-linux

DEPENDENCIES
  nokogiri (~> 1.14)
  open-uri (~> 0.3.0)

BUNDLED WITH
   2.1.4
