GEM
  remote: https://rubygems.org/
  specs:
    nokogiri (1.13.6-x86_64-darwin)
      racc (~> 1.4)
    nokogiri (1.13.6-x86_64-linux)
      racc (~> 1.4)
    open-uri (0.1.0)
    racc (1.6.0)

PLATFORMS
  x86_64-darwin-20
  x86_64-linux

DEPENDENCIES
  nokogiri (~> 1.13)
  open-uri (~> 0.1.0)

BUNDLED WITH
   2.2.22
