GEM
  remote: https://rubygems.org/
  specs:
    date (3.3.0)
    nokogiri (1.13.9-x86_64-darwin)
      racc (~> 1.4)
    nokogiri (1.13.9-x86_64-linux)
      racc (~> 1.4)
    open-uri (0.3.0)
      stringio
      time
      uri
    racc (1.6.0)
    stringio (3.0.2)
    time (0.2.0)
      date
    uri (0.12.0)

PLATFORMS
  x86_64-darwin-20
  x86_64-linux

DEPENDENCIES
  nokogiri (~> 1.13)
  open-uri (~> 0.3.0)

BUNDLED WITH
   2.2.22
